GEM
  remote: https://rubygems.org/
  specs:
    diffy (3.1.0)

PLATFORMS
  ruby

DEPENDENCIES
  diffy

BUNDLED WITH
   1.13.6
